PATH
  remote: .
  specs:
    opener-property-tagger (2.1.0)
      httpclient
      opener-build-tools (>= 0.2.7)
      opener-core
      opener-webservice
      puma
      rake
      sinatra

GEM
  remote: https://rubygems.org/
  specs:
    builder (3.2.2)
    cucumber (1.3.14)
      builder (>= 2.1.2)
      diff-lcs (>= 1.1.3)
      gherkin (~> 2.12)
      multi_json (>= 1.7.5, < 2.0)
      multi_test (>= 0.1.1)
    diff-lcs (1.2.5)
    gherkin (2.12.2)
      multi_json (~> 1.3)
    httpclient (2.3.4.1)
    json (1.8.1)
    multi_json (1.10.0)
    multi_test (0.1.1)
    opener-build-tools (1.0.0)
      rake
    opener-core (0.0.1)
    opener-webservice (0.2.1)
      json
      sinatra (~> 1.4.3)
      uuidtools
    puma (2.8.1)
      rack (>= 1.1, < 2.0)
    rack (1.5.2)
    rack-protection (1.5.3)
      rack
    rake (10.3.2)
    rspec (2.14.1)
      rspec-core (~> 2.14.0)
      rspec-expectations (~> 2.14.0)
      rspec-mocks (~> 2.14.0)
    rspec-core (2.14.8)
    rspec-expectations (2.14.5)
      diff-lcs (>= 1.1.3, < 2.0)
    rspec-mocks (2.14.6)
    sinatra (1.4.5)
      rack (~> 1.4)
      rack-protection (~> 1.4)
      tilt (~> 1.3, >= 1.3.4)
    tilt (1.4.1)
    uuidtools (2.1.4)

PLATFORMS
  java
  ruby

DEPENDENCIES
  cucumber
  opener-property-tagger!
  rspec
